GEM
  remote: http://rubygems.org/
  specs:
    harvested (0.4.0)
      hashie (~> 1)
      httparty
      json
    hashie (1.2.0)
    httparty (0.15.6)
      multi_xml (>= 0.5.2)
    json (2.1.0)
    multi_xml (0.6.0)
    rack (1.6.8)
    rack-protection (1.5.3)
      rack
    sinatra (1.4.8)
      rack (~> 1.5)
      rack-protection (~> 1.4)
      tilt (>= 1.3, < 3)
    tilt (2.0.8)
    yajl-ruby (1.3.1)

PLATFORMS
  ruby

DEPENDENCIES
  harvested (~> 0.4.0)
  sinatra (~> 1.3)
  yajl-ruby (~> 1.3.0)

BUNDLED WITH
   1.16.0
