GEM
  remote: http://rubygems.org/
  specs:
    harvested (0.4.0)
      hashie (~> 1)
      httparty
      json
    hashie (1.2.0)
    httparty (0.8.1)
      multi_json
      multi_xml
    json (1.6.1)
    multi_json (1.0.3)
    multi_xml (0.4.1)
    rack (1.3.5)
    rack-protection (1.1.4)
      rack
    sinatra (1.3.1)
      rack (~> 1.3, >= 1.3.4)
      rack-protection (~> 1.1, >= 1.1.2)
      tilt (~> 1.3, >= 1.3.3)
    tilt (1.3.3)
    yajl-ruby (1.3.1)

PLATFORMS
  ruby

DEPENDENCIES
  harvested (~> 0.4.0)
  sinatra (~> 1.3)
  yajl-ruby (~> 1.3.0)

BUNDLED WITH
   1.16.0
